GEM
  remote: https://rubygems.org/
  specs:
    power_assert (0.2.2)
    rake (12.3.3)
    test-unit (3.0.9)
      power_assert
    test-unit-around (0.0.2)
      test-unit (>= 2.4.4)

PLATFORMS
  ruby

DEPENDENCIES
  rake
  test-unit
  test-unit-around
